GIT
  remote: git://github.com/kainosnoema/rack-lineprof.git
  revision: aac921d80237693b154e4e222b496170d973209c
  specs:
    rack-lineprof (0.0.2)
      rack
      rblineprof (~> 0.3.1)
      term-ansicolor

GEM
  remote: https://rubygems.org/
  specs:
    debugger-ruby_core_source (1.3.5)
    dotenv (0.11.1)
      dotenv-deployment (~> 0.0.2)
    dotenv-deployment (0.0.2)
    foreman (0.74.0)
      dotenv (~> 0.11.1)
      thor (~> 0.19.1)
    kgio (2.9.2)
    mysql2 (0.3.16)
    mysql2-cs-bind (0.0.6)
      mysql2
    rack (1.5.2)
    rack-flash3 (1.0.5)
      rack
    rack-protection (1.5.3)
      rack
    raindrops (0.13.0)
    rblineprof (0.3.6)
      debugger-ruby_core_source (~> 1.3)
    sinatra (1.4.5)
      rack (~> 1.4)
      rack-protection (~> 1.4)
      tilt (~> 1.3, >= 1.3.4)
    term-ansicolor (1.3.0)
      tins (~> 1.0)
    thor (0.19.1)
    tilt (1.4.1)
    tins (1.3.3)
    unicorn (4.8.3)
      kgio (~> 2.6)
      rack
      raindrops (~> 0.7)

PLATFORMS
  ruby

DEPENDENCIES
  foreman
  mysql2-cs-bind
  rack-flash3
  rack-lineprof!
  sinatra
  unicorn
